PATH
  remote: .
  specs:
    devise-tailwindcssed (0.1.6)
      rails (>= 5.2.3.4, <= 8.0)
      railties (> 4.0, <= 8.0)

GEM
  remote: https://rubygems.org/
  specs:
    actioncable (8.0.0)
      actionpack (= 8.0.0)
      activesupport (= 8.0.0)
      nio4r (~> 2.0)
      websocket-driver (>= 0.6.1)
      zeitwerk (~> 2.6)
    actionmailbox (8.0.0)
      actionpack (= 8.0.0)
      activejob (= 8.0.0)
      activerecord (= 8.0.0)
      activestorage (= 8.0.0)
      activesupport (= 8.0.0)
      mail (>= 2.8.0)
    actionmailer (8.0.0)
      actionpack (= 8.0.0)
      actionview (= 8.0.0)
      activejob (= 8.0.0)
      activesupport (= 8.0.0)
      mail (>= 2.8.0)
      rails-dom-testing (~> 2.2)
    actionpack (8.0.0)
      actionview (= 8.0.0)
      activesupport (= 8.0.0)
      nokogiri (>= 1.8.5)
      rack (>= 2.2.4)
      rack-session (>= 1.0.1)
      rack-test (>= 0.6.3)
      rails-dom-testing (~> 2.2)
      rails-html-sanitizer (~> 1.6)
      useragent (~> 0.16)
    actiontext (8.0.0)
      actionpack (= 8.0.0)
      activerecord (= 8.0.0)
      activestorage (= 8.0.0)
      activesupport (= 8.0.0)
      globalid (>= 0.6.0)
      nokogiri (>= 1.8.5)
    actionview (8.0.0)
      activesupport (= 8.0.0)
      builder (~> 3.1)
      erubi (~> 1.11)
      rails-dom-testing (~> 2.2)
      rails-html-sanitizer (~> 1.6)
    activejob (8.0.0)
      activesupport (= 8.0.0)
      globalid (>= 0.3.6)
    activemodel (8.0.0)
      activesupport (= 8.0.0)
    activerecord (8.0.0)
      activemodel (= 8.0.0)
      activesupport (= 8.0.0)
      timeout (>= 0.4.0)
    activestorage (8.0.0)
      actionpack (= 8.0.0)
      activejob (= 8.0.0)
      activerecord (= 8.0.0)
      activesupport (= 8.0.0)
      marcel (~> 1.0)
    activesupport (8.0.0)
      base64
      benchmark (>= 0.3)
      bigdecimal
      concurrent-ruby (~> 1.0, >= 1.3.1)
      connection_pool (>= 2.2.5)
      drb
      i18n (>= 1.6, < 2)
      logger (>= 1.4.2)
      minitest (>= 5.1)
      securerandom (>= 0.3)
      tzinfo (~> 2.0, >= 2.0.5)
      uri (>= 0.13.1)
    ast (2.4.2)
    base64 (0.2.0)
    benchmark (0.4.0)
    bigdecimal (3.1.8)
    builder (3.3.0)
    bundler-audit (0.9.2)
      bundler (>= 1.2.0, < 3)
      thor (~> 1.0)
    bundler-leak (0.3.0)
      bundler (>= 1.2.0, < 3)
      thor (>= 0.18, < 2)
    caliber (0.66.0)
      rubocop (~> 1.68)
      rubocop-capybara (~> 2.21)
      rubocop-disable_syntax (~> 0.1)
      rubocop-packaging (~> 0.5)
      rubocop-performance (~> 1.23)
      rubocop-rake (~> 0.6)
      rubocop-rspec (~> 3.2)
      rubocop-thread_safety (~> 0.6)
    coderay (1.1.3)
    cogger (0.31.0)
      core (~> 1.10)
      logger (~> 1.6)
      refinements (~> 12.10)
      tone (~> 1.10)
      zeitwerk (~> 2.7)
    concurrent-ruby (1.3.4)
    connection_pool (2.4.1)
    containable (0.6.0)
      concurrent-ruby (~> 1.2)
    core (1.10.0)
    crass (1.0.6)
    date (3.4.0)
    diff-lcs (1.5.1)
    drb (2.2.1)
    dry-configurable (1.2.0)
      dry-core (~> 1.0, < 2)
      zeitwerk (~> 2.6)
    dry-core (1.0.2)
      concurrent-ruby (~> 1.0)
      logger
      zeitwerk (~> 2.6)
    dry-inflector (1.1.0)
    dry-initializer (3.1.1)
    dry-logic (1.5.0)
      concurrent-ruby (~> 1.0)
      dry-core (~> 1.0, < 2)
      zeitwerk (~> 2.6)
    dry-monads (1.6.0)
      concurrent-ruby (~> 1.0)
      dry-core (~> 1.0, < 2)
      zeitwerk (~> 2.6)
    dry-schema (1.13.4)
      concurrent-ruby (~> 1.0)
      dry-configurable (~> 1.0, >= 1.0.1)
      dry-core (~> 1.0, < 2)
      dry-initializer (~> 3.0)
      dry-logic (>= 1.4, < 2)
      dry-types (>= 1.7, < 2)
      zeitwerk (~> 2.6)
    dry-types (1.7.2)
      bigdecimal (~> 3.0)
      concurrent-ruby (~> 1.0)
      dry-core (~> 1.0)
      dry-inflector (~> 1.0)
      dry-logic (~> 1.4)
      zeitwerk (~> 2.6)
    erubi (1.13.0)
    etcher (2.7.0)
      cogger (~> 0.31)
      core (~> 1.10)
      dry-monads (~> 1.6)
      dry-types (~> 1.7)
      refinements (~> 12.10)
      versionaire (~> 13.10)
      zeitwerk (~> 2.7)
    ffi (1.17.0-x86_64-darwin)
    formatador (1.1.0)
    git-lint (8.8.0)
      cogger (~> 0.31)
      containable (~> 0.2)
      core (~> 1.10)
      dry-monads (~> 1.6)
      dry-schema (~> 1.13)
      etcher (~> 2.7)
      gitt (~> 3.12)
      infusible (~> 3.12)
      refinements (~> 12.10)
      runcom (~> 11.10)
      sod (~> 0.20)
      spek (~> 3.0)
      tone (~> 1.10)
      zeitwerk (~> 2.7)
    gitt (3.12.1)
      core (~> 1.10)
      dry-monads (~> 1.6)
      refinements (~> 12.10)
      zeitwerk (~> 2.7)
    globalid (1.2.1)
      activesupport (>= 6.1)
    guard (2.19.0)
      formatador (>= 0.2.4)
      listen (>= 2.7, < 4.0)
      lumberjack (>= 1.0.12, < 2.0)
      nenv (~> 0.1)
      notiffany (~> 0.0)
      pry (>= 0.13.0)
      shellany (~> 0.0)
      thor (>= 0.18.1)
    guard-compat (1.2.1)
    guard-rspec (4.7.3)
      guard (~> 2.1)
      guard-compat (~> 1.1)
      rspec (>= 2.99.0, < 4.0)
    guard-rubocop (1.5.0)
      guard (~> 2.0)
      rubocop (< 2.0)
    i18n (1.14.6)
      concurrent-ruby (~> 1.0)
    infusible (3.12.0)
      marameters (~> 3.12)
    io-console (0.7.2)
    irb (1.14.1)
      rdoc (>= 4.0.0)
      reline (>= 0.4.2)
    json (2.8.2)
    language_server-protocol (3.17.0.3)
    listen (3.9.0)
      rb-fsevent (~> 0.10, >= 0.10.3)
      rb-inotify (~> 0.9, >= 0.9.10)
    logger (1.6.1)
    loofah (2.23.1)
      crass (~> 1.0.2)
      nokogiri (>= 1.12.0)
    lumberjack (1.2.10)
    mail (2.8.1)
      mini_mime (>= 0.1.1)
      net-imap
      net-pop
      net-smtp
    marameters (3.12.0)
      refinements (~> 12.10)
      zeitwerk (~> 2.7)
    marcel (1.0.4)
    method_source (1.1.0)
    mini_mime (1.1.5)
    minitest (5.25.1)
    nenv (0.3.0)
    net-imap (0.5.1)
      date
      net-protocol
    net-pop (0.1.2)
      net-protocol
    net-protocol (0.2.2)
      timeout
    net-smtp (0.5.0)
      net-protocol
    nio4r (2.7.4)
    nokogiri (1.16.7-x86_64-darwin)
      racc (~> 1.4)
    notiffany (0.1.3)
      nenv (~> 0.1)
      shellany (~> 0.0)
    optparse (0.6.0)
    parallel (1.26.3)
    parser (3.3.6.0)
      ast (~> 2.4.1)
      racc
    pry (0.15.0)
      coderay (~> 1.1)
      method_source (~> 1.0)
    psych (5.2.0)
      stringio
    racc (1.8.1)
    rack (3.1.8)
    rack-session (2.0.0)
      rack (>= 3.0.0)
    rack-test (2.1.0)
      rack (>= 1.3)
    rackup (2.2.1)
      rack (>= 3)
    rails (8.0.0)
      actioncable (= 8.0.0)
      actionmailbox (= 8.0.0)
      actionmailer (= 8.0.0)
      actionpack (= 8.0.0)
      actiontext (= 8.0.0)
      actionview (= 8.0.0)
      activejob (= 8.0.0)
      activemodel (= 8.0.0)
      activerecord (= 8.0.0)
      activestorage (= 8.0.0)
      activesupport (= 8.0.0)
      bundler (>= 1.15.0)
      railties (= 8.0.0)
    rails-dom-testing (2.2.0)
      activesupport (>= 5.0.0)
      minitest
      nokogiri (>= 1.6)
    rails-html-sanitizer (1.6.0)
      loofah (~> 2.21)
      nokogiri (~> 1.14)
    railties (8.0.0)
      actionpack (= 8.0.0)
      activesupport (= 8.0.0)
      irb (~> 1.13)
      rackup (>= 1.0.0)
      rake (>= 12.2)
      thor (~> 1.0, >= 1.2.2)
      zeitwerk (~> 2.6)
    rainbow (3.1.1)
    rake (13.2.1)
    rb-fsevent (0.11.2)
    rb-inotify (0.11.1)
      ffi (~> 1.0)
    rdoc (6.7.0)
      psych (>= 4.0.0)
    reek (6.3.0)
      dry-schema (~> 1.13.0)
      parser (~> 3.3.0)
      rainbow (>= 2.0, < 4.0)
      rexml (~> 3.1)
    refinements (12.11.0)
    regexp_parser (2.9.2)
    reline (0.5.11)
      io-console (~> 0.5)
    rexml (3.3.9)
    rspec (3.13.0)
      rspec-core (~> 3.13.0)
      rspec-expectations (~> 3.13.0)
      rspec-mocks (~> 3.13.0)
    rspec-core (3.13.2)
      rspec-support (~> 3.13.0)
    rspec-expectations (3.13.3)
      diff-lcs (>= 1.2.0, < 2.0)
      rspec-support (~> 3.13.0)
    rspec-mocks (3.13.2)
      diff-lcs (>= 1.2.0, < 2.0)
      rspec-support (~> 3.13.0)
    rspec-support (3.13.1)
    rubocop (1.68.0)
      json (~> 2.3)
      language_server-protocol (>= 3.17.0)
      parallel (~> 1.10)
      parser (>= 3.3.0.2)
      rainbow (>= 2.2.2, < 4.0)
      regexp_parser (>= 2.4, < 3.0)
      rubocop-ast (>= 1.32.2, < 2.0)
      ruby-progressbar (~> 1.7)
      unicode-display_width (>= 2.4.0, < 3.0)
    rubocop-ast (1.36.1)
      parser (>= 3.3.1.0)
    rubocop-capybara (2.21.0)
      rubocop (~> 1.41)
    rubocop-disable_syntax (0.1.1)
      rubocop (>= 1.50)
    rubocop-packaging (0.5.2)
      rubocop (>= 1.33, < 2.0)
    rubocop-performance (1.23.0)
      rubocop (>= 1.48.1, < 2.0)
      rubocop-ast (>= 1.31.1, < 2.0)
    rubocop-rake (0.6.0)
      rubocop (~> 1.0)
    rubocop-rspec (3.2.0)
      rubocop (~> 1.61)
    rubocop-thread_safety (0.6.0)
      rubocop (>= 1.48.1)
    ruby-progressbar (1.13.0)
    runcom (11.10.0)
      refinements (~> 12.10)
      xdg (~> 8.10)
      zeitwerk (~> 2.7)
    securerandom (0.3.2)
    shellany (0.0.1)
    sod (0.20.0)
      cogger (~> 0.31)
      containable (~> 0.2)
      infusible (~> 3.12)
      optparse (~> 0.6)
      refinements (~> 12.10)
      tone (~> 1.10)
      zeitwerk (~> 2.7)
    spek (3.10.0)
      dry-monads (~> 1.6)
      refinements (~> 12.10)
      versionaire (~> 13.10)
      zeitwerk (~> 2.7)
    stringio (3.1.2)
    thor (1.3.2)
    timeout (0.4.2)
    tone (1.10.0)
      refinements (~> 12.10)
      zeitwerk (~> 2.7)
    tzinfo (2.0.6)
      concurrent-ruby (~> 1.0)
    unicode-display_width (2.6.0)
    uri (1.0.2)
    useragent (0.16.10)
    versionaire (13.10.0)
      refinements (~> 12.10)
    websocket-driver (0.7.6)
      websocket-extensions (>= 0.1.0)
    websocket-extensions (0.1.5)
    xdg (8.10.0)
    zeitwerk (2.7.1)

PLATFORMS
  x86_64-darwin-22

DEPENDENCIES
  bundler-audit (~> 0.9.1)
  bundler-leak (~> 0.2)
  caliber (~> 0.16)
  devise-tailwindcssed!
  git-lint
  guard-rspec (~> 4.7)
  guard-rubocop (~> 1.5.0)
  rake (~> 13.0)
  reek (~> 6.1)
  rspec (~> 3.11)

BUNDLED WITH
   2.3.26
